GEM
  remote: http://rubygems.org/
  remote: http://rubygems.org/
  specs:
    cairo (1.12.1)
      pkg-config
    pkg-config (1.1.3)
    rack (1.4.1)
    rack-protection (1.2.0)
      rack
    sinatra (1.3.2)
      rack (~> 1.3, >= 1.3.6)
      rack-protection (~> 1.2)
      tilt (~> 1.3, >= 1.3.3)
    tilt (1.3.3)

PLATFORMS
  ruby

DEPENDENCIES
  cairo
  sinatra
